PATH
  remote: vendor/gems/rails_multisite
  specs:
    rails_multisite (0.0.1)

GEM
  remote: https://rubygems.org/
  specs:
    actionmailer (4.1.10)
      actionpack (= 4.1.10)
      actionview (= 4.1.10)
      mail (~> 2.5, >= 2.5.4)
    actionpack (4.1.10)
      actionview (= 4.1.10)
      activesupport (= 4.1.10)
      rack (~> 1.5.2)
      rack-test (~> 0.6.2)
    actionview (4.1.10)
      activesupport (= 4.1.10)
      builder (~> 3.1)
      erubis (~> 2.7.0)
    active_model_serializers (0.8.3)
      activemodel (>= 3.0)
    activemodel (4.1.10)
      activesupport (= 4.1.10)
      builder (~> 3.1)
    activerecord (4.1.10)
      activemodel (= 4.1.10)
      activesupport (= 4.1.10)
      arel (~> 5.0.0)
    activesupport (4.1.10)
      i18n (~> 0.6, >= 0.6.9)
      json (~> 1.7, >= 1.7.7)
      minitest (~> 5.1)
      thread_safe (~> 0.1)
      tzinfo (~> 1.1)
    annotate (2.6.6)
      activerecord (>= 2.3.0)
      rake (~> 10.4.2, >= 10.4.2)
    arel (5.0.1.20140414130214)
    aws-sdk (2.0.45)
      aws-sdk-resources (= 2.0.45)
    aws-sdk-core (2.0.45)
      builder (~> 3.0)
      jmespath (~> 1.0)
      multi_json (~> 1.0)
    aws-sdk-resources (2.0.45)
      aws-sdk-core (= 2.0.45)
    babel-source (5.8.19)
    babel-transpiler (0.7.0)
      babel-source (>= 4.0, < 6)
      execjs (~> 2.0)
    barber (0.9.0)
      ember-source (>= 1.0, < 2)
      execjs (>= 1.2, < 3)
    better_errors (2.1.1)
      coderay (>= 1.0.0)
      erubis (>= 2.6.6)
      rack (>= 0.9.0)
    binding_of_caller (0.7.2)
      debug_inspector (>= 0.0.1)
    builder (3.2.2)
    byebug (5.0.0)
      columnize (= 0.9.0)
    celluloid (0.16.0)
      timers (~> 4.0.0)
    certified (1.0.0)
    coderay (1.1.0)
    columnize (0.9.0)
    connection_pool (2.2.0)
    crass (1.0.1)
    daemons (1.2.2)
    debug_inspector (0.0.2)
    diff-lcs (1.2.5)
    discourse-qunit-rails (0.0.8)
      railties
    docile (1.1.5)
    dotenv (1.0.2)
    email_reply_parser (0.5.8)
    ember-data-source (1.0.0.beta.16.1)
      ember-source (~> 1.8)
    ember-handlebars-template (0.1.5)
      barber (>= 0.9.0)
      sprockets (>= 2.1, < 3.1)
    ember-rails (0.18.2)
      active_model_serializers
      ember-data-source (>= 1.0.0.beta.5)
      ember-handlebars-template (>= 0.1.1, < 1.0)
      ember-source (>= 1.1.0)
      jquery-rails (>= 1.0.17)
      railties (>= 3.1)
    ember-source (1.12.1)
    erubis (2.7.0)
    eventmachine (1.0.7)
    excon (0.45.3)
    execjs (2.5.2)
    exifr (1.2.2)
    fabrication (2.9.8)
    fakeweb (1.3.0)
    faraday (0.9.1)
      multipart-post (>= 1.2, < 3)
    fast_blank (0.0.2)
    fast_stack (0.1.0)
      rake
      rake-compiler
    fast_xor (1.1.3)
      rake
      rake-compiler
    fast_xs (0.8.0)
    fastimage_discourse (1.6.6)
    ffi (1.9.6)
    flamegraph (0.1.0)
      fast_stack
    foreman (0.77.0)
      dotenv (~> 1.0.2)
      thor (~> 0.19.1)
    fspath (2.1.1)
    gctools (0.2.3)
    given_core (3.5.4)
      sorcerer (>= 0.3.7)
    guess_html_encoding (0.0.11)
    handlebars-source (2.0.0)
    hashie (3.4.0)
    highline (1.7.1)
    hike (1.2.3)
    hiredis (0.6.0)
    hitimes (1.2.2)
    htmlentities (4.3.3)
    i18n (0.7.0)
    image_optim (0.20.2)
      exifr (~> 1.1, >= 1.1.3)
      fspath (~> 2.1)
      image_size (~> 1.3)
      in_threads (~> 1.3)
      progress (~> 3.0, >= 3.0.1)
    image_size (1.4.1)
    in_threads (1.3.1)
    jmespath (1.0.2)
      multi_json (~> 1.0)
    jquery-rails (3.1.2)
      railties (>= 3.0, < 5.0)
      thor (>= 0.14, < 2.0)
    json (1.8.3)
    jwt (1.3.0)
    kgio (2.9.3)
    librarian (0.1.2)
      highline
      thor (~> 0.15)
    libv8 (3.16.14.7)
    listen (0.7.3)
    logster (1.0.0.3.pre)
    lru_redux (1.1.0)
    mail (2.5.4)
      mime-types (~> 1.16)
      treetop (~> 1.4.8)
    memory_profiler (0.9.3)
    message_bus (1.0.16)
      rack (>= 1.1.3)
      redis
    metaclass (0.0.4)
    method_source (0.8.2)
    mime-types (1.25.1)
    mini_portile (0.6.2)
    minitest (5.6.1)
    mocha (1.1.0)
      metaclass (~> 0.0.1)
    mock_redis (0.14.0)
    moneta (0.8.0)
    msgpack (0.5.11)
    multi_json (1.11.2)
    multi_xml (0.5.5)
    multipart-post (2.0.0)
    mustache (1.0.2)
    netrc (0.10.3)
    nokogiri (1.6.6.2)
      mini_portile (~> 0.6.0)
    nokogumbo (1.2.0)
      nokogiri
    oauth (0.4.7)
    oauth2 (1.0.0)
      faraday (>= 0.8, < 0.10)
      jwt (~> 1.0)
      multi_json (~> 1.3)
      multi_xml (~> 0.5)
      rack (~> 1.2)
    oj (2.12.9)
    omniauth (1.2.2)
      hashie (>= 1.2, < 4)
      rack (~> 1.0)
    omniauth-facebook (2.0.0)
      omniauth-oauth2 (~> 1.2)
    omniauth-github-discourse (1.1.2)
      omniauth (~> 1.0)
      omniauth-oauth2 (~> 1.1)
    omniauth-google-oauth2 (0.2.5)
      omniauth (> 1.0)
      omniauth-oauth2 (~> 1.1)
    omniauth-oauth (1.0.1)
      oauth
      omniauth (~> 1.0)
    omniauth-oauth2 (1.2.0)
      faraday (>= 0.8, < 0.10)
      multi_json (~> 1.3)
      oauth2 (~> 1.0)
      omniauth (~> 1.2)
    omniauth-openid (1.0.1)
      omniauth (~> 1.0)
      rack-openid (~> 1.3.1)
    omniauth-twitter (1.0.1)
      multi_json (~> 1.3)
      omniauth-oauth (~> 1.0)
    onebox (1.5.23)
      moneta (~> 0.8)
      multi_json (~> 1.11)
      mustache
      nokogiri (~> 1.6.6)
    openid-redis-store (0.0.2)
      redis
      ruby-openid
    pg (0.18.1)
    polyglot (0.3.5)
    progress (3.1.0)
    pry (0.10.1)
      coderay (~> 1.1.0)
      method_source (~> 0.8.1)
      slop (~> 3.4)
    pry-nav (0.2.4)
      pry (>= 0.9.10, < 0.11.0)
    pry-rails (0.3.3)
      pry (>= 0.9.10)
    puma (2.11.1)
      rack (>= 1.1, < 2.0)
    r2 (0.2.5)
    rack (1.5.5)
    rack-mini-profiler (0.9.6)
      rack (>= 1.1.3)
    rack-openid (1.3.1)
      rack (>= 1.1.0)
      ruby-openid (>= 2.1.8)
    rack-protection (1.5.3)
      rack
    rack-test (0.6.3)
      rack (>= 1.0)
    rails (4.1.10)
      actionmailer (= 4.1.10)
      actionpack (= 4.1.10)
      actionview (= 4.1.10)
      activemodel (= 4.1.10)
      activerecord (= 4.1.10)
      activesupport (= 4.1.10)
      bundler (>= 1.3.0, < 2.0)
      railties (= 4.1.10)
      sprockets-rails (~> 2.0)
    rails-observers (0.1.2)
      activemodel (~> 4.0)
    railties (4.1.10)
      actionpack (= 4.1.10)
      activesupport (= 4.1.10)
      rake (>= 0.8.7)
      thor (>= 0.18.1, < 2.0)
    raindrops (0.13.0)
    rake (10.4.2)
    rake-compiler (0.9.4)
      rake
    rb-fsevent (0.9.4)
    rb-inotify (0.9.5)
      ffi (>= 0.5.0)
    rbtrace (0.4.7)
      ffi (>= 1.0.6)
      msgpack (>= 0.4.3)
      trollop (>= 1.16.2)
    redcarpet (3.2.2)
    redis (3.2.1)
    redis-namespace (1.5.2)
      redis (~> 3.0, >= 3.0.4)
    ref (1.0.5)
    rest-client (1.7.2)
      mime-types (>= 1.16, < 3.0)
      netrc (~> 0.7)
    rinku (1.7.3)
    rmmseg-cpp (0.2.9)
    rspec (3.2.0)
      rspec-core (~> 3.2.0)
      rspec-expectations (~> 3.2.0)
      rspec-mocks (~> 3.2.0)
    rspec-core (3.2.3)
      rspec-support (~> 3.2.0)
    rspec-expectations (3.2.1)
      diff-lcs (>= 1.2.0, < 2.0)
      rspec-support (~> 3.2.0)
    rspec-given (3.5.4)
      given_core (= 3.5.4)
      rspec (>= 2.12)
    rspec-mocks (3.2.1)
      diff-lcs (>= 1.2.0, < 2.0)
      rspec-support (~> 3.2.0)
    rspec-rails (3.2.1)
      actionpack (>= 3.0, < 4.3)
      activesupport (>= 3.0, < 4.3)
      railties (>= 3.0, < 4.3)
      rspec-core (~> 3.2.0)
      rspec-expectations (~> 3.2.0)
      rspec-mocks (~> 3.2.0)
      rspec-support (~> 3.2.0)
    rspec-support (3.2.2)
    rtlit (0.0.5)
    ruby-openid (2.5.0)
    ruby-readability (0.7.0)
      guess_html_encoding (>= 0.0.4)
      nokogiri (>= 1.6.0)
    sanitize (3.1.2)
      crass (~> 1.0.1)
      nokogiri (>= 1.4.4)
      nokogumbo (= 1.2.0)
    sass (3.2.19)
    sass-rails (4.0.5)
      railties (>= 4.0.0, < 5.0)
      sass (~> 3.2.0)
      sprockets (~> 2.8, <= 2.11.0)
      sprockets-rails (~> 2.0.0)
    seed-fu (2.3.5)
      activerecord (>= 3.1, < 4.3)
      activesupport (>= 3.1, < 4.3)
    shoulda (3.5.0)
      shoulda-context (~> 1.0, >= 1.0.1)
      shoulda-matchers (>= 1.4.1, < 3.0)
    shoulda-context (1.2.1)
    shoulda-matchers (2.7.0)
      activesupport (>= 3.0.0)
    sidekiq (3.4.2)
      celluloid (~> 0.16.0)
      connection_pool (~> 2.2, >= 2.2.0)
      json (~> 1.0)
      redis (~> 3.2, >= 3.2.1)
      redis-namespace (~> 1.5, >= 1.5.2)
    simple-rss (1.3.1)
    simplecov (0.9.1)
      docile (~> 1.1.0)
      multi_json (~> 1.0)
      simplecov-html (~> 0.8.0)
    simplecov-html (0.8.0)
    sinatra (1.4.5)
      rack (~> 1.4)
      rack-protection (~> 1.4)
      tilt (~> 1.3, >= 1.3.4)
    slop (3.6.0)
    sorcerer (1.0.2)
    spork (1.0.0rc4)
    spork-rails (4.0.0)
      rails (>= 3.0.0, < 5)
      spork (>= 1.0rc0)
    sprockets (2.11.0)
      hike (~> 1.2)
      multi_json (~> 1.0)
      rack (~> 1.0)
      tilt (~> 1.1, != 1.3.0)
    sprockets-rails (2.0.1)
      actionpack (>= 3.0)
      activesupport (>= 3.0)
      sprockets (~> 2.8)
    stackprof (0.2.7)
    therubyracer (0.12.2)
      libv8 (~> 3.16.14.0)
      ref
    thin (1.6.3)
      daemons (~> 1.0, >= 1.0.9)
      eventmachine (~> 1.0)
      rack (~> 1.0)
    thor (0.19.1)
    thread_safe (0.3.5)
    tilt (1.4.1)
    timecop (0.7.3)
    timers (4.0.1)
      hitimes
    treetop (1.4.15)
      polyglot
      polyglot (>= 0.3.1)
    trollop (2.1.1)
    tzinfo (1.2.2)
      thread_safe (~> 0.1)
    uglifier (2.7.1)
      execjs (>= 0.3.0)
      json (>= 1.8.0)
    unf (0.1.4)
      unf_ext
    unf_ext (0.0.6)
    unicorn (4.8.3)
      kgio (~> 2.6)
      rack
      raindrops (~> 0.7)

PLATFORMS
  ruby

DEPENDENCIES
  active_model_serializers (~> 0.8.3)
  annotate
  aws-sdk
  babel-transpiler
  barber
  better_errors
  binding_of_caller
  byebug
  certified
  discourse-qunit-rails
  email_reply_parser
  ember-rails
  ember-source (= 1.12.1)
  excon
  fabrication (= 2.9.8)
  fakeweb (~> 1.3.0)
  fast_blank
  fast_xor
  fast_xs
  fastimage_discourse
  flamegraph
  foreman
  gctools
  handlebars-source (= 2.0.0)
  highline
  hiredis
  htmlentities
  image_optim
  librarian (>= 0.0.25)
  listen (= 0.7.3)
  logster
  lru_redux
  mail (~> 2.5.4)
  memory_profiler
  message_bus
  minitest
  mocha
  mock_redis
  multi_json
  mustache
  nokogiri
  oj
  omniauth
  omniauth-facebook
  omniauth-github-discourse
  omniauth-google-oauth2
  omniauth-oauth2
  omniauth-openid
  omniauth-twitter
  onebox
  openid-redis-store
  pg
  pry-nav
  pry-rails
  puma
  r2 (~> 0.2.5)
  rack-mini-profiler
  rack-protection
  rails (~> 4.1.10)
  rails-observers
  rails_multisite!
  rake
  rb-fsevent
  rb-inotify (~> 0.9)
  rbtrace
  redcarpet
  redis
  rest-client
  rinku
  rmmseg-cpp
  rspec (~> 3.2.0)
  rspec-given
  rspec-rails
  rtlit
  ruby-readability
  sanitize
  sass
  sass-rails (~> 4.0.5)
  seed-fu (~> 2.3.3)
  shoulda
  sidekiq
  simple-rss
  simplecov
  sinatra
  spork-rails
  stackprof
  therubyracer
  thin
  timecop
  uglifier
  unf
  unicorn
